GEM
  remote: https://rubygems.org/
  specs:
    pg (1.1.4)
    require_all (2.0.0)

PLATFORMS
  ruby

DEPENDENCIES
  pg
  require_all

BUNDLED WITH
   2.0.1
